GIT
  remote: https://github.com/viteinfinite/slather.git
  revision: 1a1524a5d7438a5ad22d1c1260c2fa5dfc25277d
  branch: master
  specs:
    slather (1.7.2)
      clamp (~> 0.6)
      nokogiri (~> 1.6.3)
      xcodeproj (~> 0.24.1)

GEM
  remote: https://rubygems.org/
  specs:
    activesupport (4.2.5.1)
      i18n (~> 0.7)
      json (~> 1.7, >= 1.7.7)
      minitest (~> 5.1)
      thread_safe (~> 0.3, >= 0.3.4)
      tzinfo (~> 1.1)
    clamp (0.6.5)
    colored (1.2)
    i18n (0.7.0)
    json (1.8.3)
    mini_portile2 (2.0.0)
    minitest (5.8.4)
    nokogiri (1.6.7.2)
      mini_portile2 (~> 2.0.0.rc2)
    thread_safe (0.3.5)
    tzinfo (1.2.2)
      thread_safe (~> 0.1)
    xcodeproj (0.24.3)
      activesupport (>= 3)
      colored (~> 1.2)

PLATFORMS
  ruby

DEPENDENCIES
  slather!

BUNDLED WITH
   1.11.2
